GIT
  remote: git@github.com:ajorgensen/bundler-poc.git
  revision: b083ba5204db9d9dfee85ca5e4d29e424aef2e7b
  glob: gems/base_gem/*.gemspec
  specs:
    base_gem (0.0.1)

GEM
  remote: https://rubygems.org/
  specs:

PLATFORMS
  ruby

DEPENDENCIES
  base_gem!

BUNDLED WITH
   2.0.2
